STORAGE: NONE
RESTRICTION: || (== netcoreapp3.1) (== netstandard2.0) (== netstandard2.1)
NUGET
  remote: https://api.nuget.org/v3/index.json
    Fable.AST (4.5)
    Fable.Browser.Blob (1.4)
      Fable.Core (>= 3.2.8)
      FSharp.Core (>= 4.7.2)
    Fable.Browser.Dom (2.16)
      Fable.Browser.Blob (>= 1.3)
      Fable.Browser.Event (>= 1.5)
      Fable.Browser.WebStorage (>= 1.2)
      Fable.Core (>= 3.2.8)
      FSharp.Core (>= 4.7.2)
    Fable.Browser.Event (1.6)
      Fable.Browser.Gamepad (>= 1.3)
      Fable.Core (>= 3.2.8)
      FSharp.Core (>= 4.7.2)
    Fable.Browser.Gamepad (1.3)
      Fable.Core (>= 3.2.8)
      FSharp.Core (>= 4.7.2)
    Fable.Browser.WebStorage (1.3)
      Fable.Browser.Event (>= 1.6)
      Fable.Core (>= 3.2.8)
      FSharp.Core (>= 4.7.2)
    Fable.Core (4.3)
    Fable.Elmish (4.1)
      Fable.Core (>= 3.7.1)
      FSharp.Core (>= 4.7.2)
    Fable.Elmish.Browser (4.0.3)
      Fable.Browser.Dom (>= 2.14)
      Fable.Elmish (>= 4.1)
      Fable.Elmish.UrlParser (>= 1.0.2)
      FSharp.Core (>= 4.7.2)
    Fable.Elmish.Debugger (4.0)
      Fable.Elmish (>= 4.0)
      FSharp.Core (>= 6.0.7)
      Thoth.Json (>= 6.0)
    Fable.Elmish.HMR (7.0)
      Fable.Core (>= 3.7.1)
      Fable.Elmish.React (>= 4.0)
      FSharp.Core (>= 4.7.2)
    Fable.Elmish.React (4.0)
      Fable.Elmish (>= 4.0)
      Fable.ReactDom.Types (>= 18.0)
      FSharp.Core (>= 4.7.2)
    Fable.Elmish.UrlParser (1.0.2)
      FSharp.Core (>= 4.7.2)
    Fable.Fetch (2.7)
      Fable.Browser.Blob (>= 1.2)
      Fable.Browser.Event (>= 1.5)
      Fable.Core (>= 3.7.1)
      Fable.Promise (>= 2.2.2)
      FSharp.Core (>= 4.7.2)
    Fable.FontAwesome (3.0)
      Fable.Core (>= 3.7.1)
      Fable.React (>= 9.2)
    Fable.FontAwesome.Free (3.0)
      Fable.Core (>= 3.7.1)
      Fable.FontAwesome (>= 3.0)
      Fable.React (>= 9.2)
    Fable.Promise (3.2)
      Fable.Core (>= 3.7.1)
      FSharp.Core (>= 4.7.2)
    Fable.React (9.4)
      Fable.React.Types (>= 18.3)
      Fable.ReactDom.Types (>= 18.2)
      FSharp.Core (>= 4.7.2)
    Fable.React.Types (18.3)
      Fable.Browser.Dom (>= 2.4.4)
      Fable.Core (>= 3.2.7)
      FSharp.Core (>= 4.7.2)
    Fable.ReactDom.Types (18.2)
      Fable.React.Types (>= 18.3)
      FSharp.Core (>= 4.7.2)
    Feliz (2.7)
      Fable.ReactDom.Types (>= 18.2)
      Feliz.CompilerPlugins (>= 2.2)
      FSharp.Core (>= 4.7.2)
    Feliz.Bulma (3.0)
      Feliz (>= 2.4)
      FSharp.Core (>= 4.7.2)
    Feliz.Bulma.TagsInput (3.0)
      Feliz (>= 2.4)
      Feliz.Bulma (>= 3.0)
      FSharp.Core (>= 4.7.2)
    Feliz.CompilerPlugins (2.2)
      Fable.AST (>= 4.2.1)
      FSharp.Core (>= 4.7.2)
    Feliz.Router (4.0)
      Fable.Elmish (>= 4.0)
      Feliz (>= 2.3)
      FSharp.Core (>= 4.7.2)
    FSharp.Core (8.0.300)
    Thoth.Fetch (3.0.1)
      Fable.Core (>= 3.2.8)
      Fable.Fetch (>= 2.1)
      Fable.Promise (>= 2.0)
      FSharp.Core (>= 4.7.2)
      Thoth.Json (>= 6.0)
    Thoth.Json (10.2)
      Fable.Core (>= 3.6.2)
      FSharp.Core (>= 4.7.2)
    Zanaptak.TypedCssClasses (1.0)
      FSharp.Core (>= 4.3.4)
